##TITLE= Parameter file, TOPSPIN		Version 3.2
##JCAMPDX= 5.0
##DATATYPE= Parameter Values
##NPOINTS= 9028	$$ modification sequence number
##ORIGIN= Bruker BioSpin GmbH
##OWNER= nmrsu
$$ 2016-03-15 15:55:30.514 +0000  Service@fellbarrow
$$ /opt/topspin3.2/conf/instr/spect/specpar
$$ process /opt/topspin3.2/prog/mod/cprserver
##$ANCIEN= (0..7)
0 0 0 0 0 0 0 0
##$BF1= 100.13
##$BF2= 100.13
##$BF3= 100.13
##$DEC= 1
##$DECB= 1
##$DEF19F= yes
##$DEFRSEL= yes
##$HPMOD= (0..7)
0 0 0 0 0 0 0 0
##$HPPRECH= (0..15)
-1 -1 -1 -1 -1 1 -1 -1 -1 -1 -1 -1 -1 -1 -1 -1
##$LOCSW19F= -1
##$LOCSW2H= -1
##$NUC1= 54
##$NUC2= 0
##$NUC3= 0
##$NUC4= 0
##$NUC5= 0
##$NUC6= 0
##$NUC7= 0
##$NUC8= 0
##$NUCARR= (0..123)
400.17 400.17 61.428532 426.837225 304.847253 58.889361 155.521257 56.23114
42.992896 128.390439 100.622826 28.907821 40.548874 54.248874 376.536004
31.590605 105.852568 24.496947 104.271733 79.502522 161.991785 30.717049
39.208293 32.636764 18.673425 10.249575 26.931557 97.208283 22.55972 22.565734
39.898186 105.256507 22.619593 99.199013 12.956617 94.948632 35.759395
106.106968 113.663058 25.037849 96.046219 122.03866 13.959191 68.519564
76.318474 20.879758 100.258512 108.071983 15.396941 38.636186 130.937441
17.342656 19.609122 37.200996 97.946289 26.078783 26.626091 90.071569 18.428432
20.654251 12.751205 18.312179 16.198158 18.622043 84.897986 88.810428 87.500192
87.687767 130.930617 142.589611 149.225922 95.76299 51.858898 104.723456
126.252711 80.063957 111.288021 32.989699 52.486865 39.754717 44.470604
52.799631 56.526577 122.532054 21.809265 13.445712 16.687089 13.765848
99.482262 43.938666 12.285219 16.126851 96.200868 13.765848 19.288194 85.396278
11.524896 33.174093 70.026973 19.292196 45.635387 32.537823 16.034812 10.072279
47.978782 16.672631 90.136692 91.045078 9.133204 31.074801 6.874921 7.487181
86.023681 6.918939 71.673737 26.457572 228.589909 230.833415 83.717961
64.30447 7.368731 100 100 100
##$OBS= 1
##$OFFSF= (0..7)
-31745.1999999889 0 0 0 0 0 0 0
##$OFFSH= (0..7)
5999.99999997181 0 0 0 0 0 0 0
##$OFFSX= (0..7)
2196.69999999894 0 0 0 0 0 0 0
##$OFFSXAS= (0..7)
0 0 0 0 0 0 0 0
##$OFSF1= 0
##$OFSF2= 0
##$OFSH1= 0
##$OFSH2= 0
##$OFSH3= 0
##$OFSX1= 0
##$OFSX2= 0
##$OFSY= 0
##$PACOIL= (0..15)
0 0 0 0 0 0 0 0 0 0 0 0 0 0 0 0
##$PRECHAN= (0..15)
-1 4 -1 0 -1 2 3 -1 -1 -1 -1 -1 -1 -1 -1 -1
##$RECPRE= (0..15)
-1 0 -1 -1 -1 -1 -1 -1 -1 -1 -1 -1 -1 -1 -1 -1
##$RECSEL= (0..15)
0 0 0 1 0 0 0 0 0 0 0 0 0 0 0 0
##$SELREC= (0..9)
0 0 0 0 0 0 0 0 0 0
##$SFO1= 97.948486
##$SFO2= 400.17
##$SFO3= 400.17
##$SFO4= 400.172471
##$SFO5= 400.172471
##$SFO6= 400.172471
##$SFO7= 400.172471
##$SFO8= 400.172471
##$TY= (0..123)
0 0 0 0 0 0 0 0 0 0 0 0 0 0 0 0 0 0 0 0 0 0 0 0 0 0 0 0 0 0 0 0 0 0 0 0
0 0 0 0 0 0 0 0 0 0 0 0 0 0 0 0 0 0 0 0 0 0 0 0 0 0 0 0 0 0 0 0 0 0 0 0
0 0 0 0 0 0 0 0 0 0 0 0 0 0 0 0 0 0 0 0 0 0 0 0 0 0 0 0 0 0 0 0 0 0 0 0
0 0 0 0 0 0 0 0 0 0 0 0 0 0 0 0
##END=
